PATH
  remote: gems/xikolo-config
  specs:
    xikolo-config (8.0)
      activesupport
      addressable (~> 2.0)

PATH
  remote: gems/xikolo-s3
  specs:
    xikolo-s3 (1.5.2)
      aws-sdk-s3 (~> 1.16)
      uuid4 (~> 1.3)
      xikolo-config

GEM
  remote: https://rubygems.org/
  specs:
    activesupport (7.2.2.1)
      base64
      benchmark (>= 0.3)
      bigdecimal
      concurrent-ruby (~> 1.0, >= 1.3.1)
      connection_pool (>= 2.2.5)
      drb
      i18n (>= 1.6, < 2)
      logger (>= 1.4.2)
      minitest (>= 5.1)
      securerandom (>= 0.3)
      tzinfo (~> 2.0, >= 2.0.5)
    addressable (2.8.7)
      public_suffix (>= 2.0.2, < 7.0)
    aws-eventstream (1.3.2)
    aws-partitions (1.1104.0)
    aws-sdk-core (3.224.0)
      aws-eventstream (~> 1, >= 1.3.0)
      aws-partitions (~> 1, >= 1.992.0)
      aws-sigv4 (~> 1.9)
      base64
      jmespath (~> 1, >= 1.6.1)
      logger
    aws-sdk-kms (1.101.0)
      aws-sdk-core (~> 3, >= 3.216.0)
      aws-sigv4 (~> 1.5)
    aws-sdk-s3 (1.186.1)
      aws-sdk-core (~> 3, >= 3.216.0)
      aws-sdk-kms (~> 1)
      aws-sigv4 (~> 1.5)
    aws-sigv4 (1.11.0)
      aws-eventstream (~> 1, >= 1.0.2)
    base62-rb (0.3.1)
    base64 (0.2.0)
    benchmark (0.4.0)
    bigdecimal (3.1.9)
    capybara (3.40.0)
      addressable
      matrix
      mini_mime (>= 0.1.3)
      nokogiri (~> 1.11)
      rack (>= 1.6.0)
      rack-test (>= 0.6.3)
      regexp_parser (>= 1.5, < 3.0)
      xpath (~> 3.2)
    childprocess (5.1.0)
      logger (~> 1.5)
    colorize (1.1.0)
    concurrent-ruby (1.3.5)
    connection_pool (2.5.3)
    crack (1.0.0)
      bigdecimal
      rexml
    date (3.4.1)
    debug (1.10.0)
      irb (~> 1.10)
      reline (>= 0.3.8)
    diff-lcs (1.6.2)
    docile (1.4.1)
    drb (2.2.1)
    ethon (0.16.0)
      ffi (>= 1.15.0)
    ffi (1.17.2)
    ffi (1.17.2-x86_64-linux-gnu)
    gherkin (2.12.2)
      multi_json (~> 1.3)
    gurke (3.6.0)
      colorize
      gherkin (~> 2.0)
    hashdiff (1.1.2)
    hitimes (3.1.0)
    i18n (1.14.7)
      concurrent-ruby (~> 1.0)
    io-console (0.8.0)
    irb (1.15.2)
      pp (>= 0.6.0)
      rdoc (>= 4.0.0)
      reline (>= 0.4.2)
    jmespath (1.6.2)
    little-plugger (1.1.4)
    logger (1.7.0)
    logging (2.4.0)
      little-plugger (~> 1.1)
      multi_json (~> 1.14)
    mail (2.8.1)
      mini_mime (>= 0.1.1)
      net-imap
      net-pop
      net-smtp
    matrix (0.4.2)
    midi-smtp-server (3.2.1)
    mini_mime (1.1.5)
    mini_portile2 (2.8.9)
    minitest (5.25.5)
    msgpack (1.8.0)
    multi_json (1.15.0)
    multi_process (1.4.0)
      childprocess
      nio4r (~> 2.0)
    mutex_m (0.3.0)
    net-imap (0.5.8)
      date
      net-protocol
    net-pop (0.1.2)
      net-protocol
    net-protocol (0.2.2)
      timeout
    net-smtp (0.5.1)
      net-protocol
    nio4r (2.7.4)
    nokogiri (1.18.8)
      mini_portile2 (~> 2.8.2)
      racc (~> 1.4)
    nokogiri (1.18.8-x86_64-linux-gnu)
      racc (~> 1.4)
    opentelemetry-api (1.5.0)
    opentelemetry-common (0.22.0)
      opentelemetry-api (~> 1.0)
    pp (0.6.2)
      prettyprint
    prettyprint (0.2.0)
    psych (5.2.6)
      date
      stringio
    public_suffix (6.0.2)
    racc (1.8.1)
    rack (3.1.15)
    rack-remote (1.1.0)
      multi_json
      rack
    rack-test (2.2.0)
      rack (>= 1.3)
    rake (13.2.1)
    rdoc (6.13.1)
      psych (>= 4.0.0)
    regexp_parser (2.10.0)
    reline (0.6.1)
      io-console (~> 0.5)
    restify (2.0.2)
      activesupport
      addressable (~> 2.3)
      concurrent-ruby (~> 1.0)
      hitimes
      logging (~> 2.0)
      msgpack (~> 1.2)
      opentelemetry-api (~> 1.0)
      opentelemetry-common
      rack
      typhoeus (~> 1.3)
    rexml (3.4.1)
    rspec (3.13.0)
      rspec-core (~> 3.13.0)
      rspec-expectations (~> 3.13.0)
      rspec-mocks (~> 3.13.0)
    rspec-core (3.13.3)
      rspec-support (~> 3.13.0)
    rspec-expectations (3.13.4)
      diff-lcs (>= 1.2.0, < 2.0)
      rspec-support (~> 3.13.0)
    rspec-mocks (3.13.4)
      diff-lcs (>= 1.2.0, < 2.0)
      rspec-support (~> 3.13.0)
    rspec-support (3.13.3)
    rubyzip (2.4.1)
    securerandom (0.4.1)
    selenium-webdriver (4.32.0)
      base64 (~> 0.2)
      logger (~> 1.4)
      rexml (~> 3.2, >= 3.2.5)
      rubyzip (>= 1.2.2, < 3.0)
      websocket (~> 1.0)
    simplecov (0.22.0)
      docile (~> 1.1)
      simplecov-html (~> 0.11)
      simplecov_json_formatter (~> 0.1)
    simplecov-cobertura (2.1.0)
      rexml
      simplecov (~> 0.19)
    simplecov-html (0.13.1)
    simplecov_json_formatter (0.1.4)
    stringio (3.1.7)
    syslog (0.3.0)
      logger
    timeout (0.4.3)
    typhoeus (1.4.1)
      ethon (>= 0.9.0)
    tzinfo (2.0.6)
      concurrent-ruby (~> 1.0)
    uuid4 (1.4.0)
      base62-rb (~> 0.3.0)
    webmock (3.25.1)
      addressable (>= 2.8.0)
      crack (>= 0.3.2)
      hashdiff (>= 0.4.0, < 2.0.0)
    webrick (1.9.1)
    websocket (1.2.11)
    xpath (3.2.0)
      nokogiri (~> 1.8)

PLATFORMS
  ruby
  x86_64-linux

DEPENDENCIES
  activesupport (~> 7.2)
  bigdecimal
  capybara (~> 3.36)
  childprocess (~> 5.1.0)
  debug
  gurke (~> 3.6)
  mail (~> 2.6)
  midi-smtp-server (~> 3.1, >= 3.1.2)
  multi_process (~> 1.2)
  mutex_m
  rack-remote
  rake
  restify (~> 2.0)
  rspec (~> 3.10)
  selenium-webdriver (~> 4.11)
  simplecov
  simplecov-cobertura
  syslog
  uuid4
  webmock
  webrick
  xikolo-config!
  xikolo-s3!

RUBY VERSION
   ruby 3.4.4p34

BUNDLED WITH
   2.6.9
